PATH
  remote: .
  specs:
    visit_counter (0.0.1)
      locomotive_plugins (~> 0.2.0.alpha)

PATH
  remote: /home/alex/colibri/locomotive_plugins
  specs:
    locomotive_plugins (0.2.0.alpha)
      haml (~> 3.1)
      locomotive_liquid (~> 2.2.2)

GEM
  remote: https://rubygems.org/
  specs:
    haml (3.1.7)
    locomotive_liquid (2.2.3)

PLATFORMS
  ruby

DEPENDENCIES
  locomotive_plugins (~> 0.2.0.alpha)!
  visit_counter!
