PATH
  remote: .
  specs:
    visit_counter (0.0.1)
      locomotive_plugins (= 1.0.0.beta5)

GEM
  remote: https://rubygems.org/
  specs:
    activemodel (3.2.11)
      activesupport (= 3.2.11)
      builder (~> 3.0.0)
    activesupport (3.2.11)
      i18n (~> 0.6)
      multi_json (~> 1.0)
    bson (1.6.4)
    bson_ext (1.6.4)
      bson (~> 1.6.4)
    builder (3.0.4)
    haml (3.1.7)
    i18n (0.6.1)
    locomotive_liquid (2.4.2)
    locomotive_plugins (1.0.0.beta5)
      bson_ext
      haml (~> 3.1)
      locomotive_liquid (~> 2.4)
      mongoid (~> 2.4.12)
    mongo (1.6.2)
      bson (~> 1.6.2)
    mongoid (2.4.12)
      activemodel (~> 3.1)
      mongo (<= 1.6.2)
      tzinfo (~> 0.3.22)
    multi_json (1.5.0)
    tzinfo (0.3.35)

PLATFORMS
  ruby

DEPENDENCIES
  visit_counter!
